GEM
  remote: http://rubygems.org/
  specs:
    blankslate (2.1.2.3)
    called_from (0.1.0)
    diff-lcs (1.1.2)
    rake (0.8.7)
    rcov (0.9.9)
    rspec (2.3.0)
      rspec-core (~> 2.3.0)
      rspec-expectations (~> 2.3.0)
      rspec-mocks (~> 2.3.0)
    rspec-core (2.3.1)
    rspec-expectations (2.3.0)
      diff-lcs (~> 1.1.2)
    rspec-mocks (2.3.0)
    yard (0.6.4)

PLATFORMS
  ruby

DEPENDENCIES
  blankslate
  called_from
  rake (~> 0.8.7)
  rcov (~> 0.9.9)
  rspec (~> 2.3.0)
  yard (~> 0.6.4)
